GEM
  remote: https://rubygems.org/
  specs:
    tk (0.4.0)

PLATFORMS
  ruby

DEPENDENCIES
  tk (~> 0.4.0)

BUNDLED WITH
   2.1.4
